GEM
  remote: https://rubygems.org/
  specs:
    addressable (2.5.2)
      public_suffix (>= 2.0.2, < 4.0)
    adsf (1.4.1)
      rack (>= 1.0.0, < 3.0.0)
    builder (3.2.3)
    colored (1.2)
    concurrent-ruby (1.0.5)
    cri (2.10.1)
      colored (~> 1.2)
    ddmemoize (1.0.0)
      ddmetrics (~> 1.0)
      ref (~> 2.0)
    ddmetrics (1.0.0)
    ddplugin (1.0.2)
    execjs (2.7.0)
    hamster (3.0.0)
      concurrent-ruby (~> 1.0)
    nanoc (4.9.3)
      addressable (~> 2.5)
      cri (~> 2.8)
      ddmemoize (~> 1.0)
      ddmetrics (~> 1.0)
      ddplugin (~> 1.0)
      hamster (~> 3.0)
      parallel (~> 1.12)
      ref (~> 2.0)
      slow_enumerator_tools (~> 1.0)
      tomlrb (~> 1.2)
    parallel (1.12.1)
    public_suffix (3.0.2)
    rack (2.0.5)
    rainpress (1.0.1)
    ref (2.0.0)
    slow_enumerator_tools (1.1.0)
    tomlrb (1.2.6)
    uglifier (3.2.0)
      execjs (>= 0.3.0, < 3)

PLATFORMS
  ruby

DEPENDENCIES
  adsf (~> 1.4, >= 1.4.1)
  builder (~> 3.2, >= 3.2.3)
  nanoc (~> 4.9, >= 4.9.3)
  rainpress (~> 1.0, >= 1.0.1)
  uglifier (~> 3.2)

BUNDLED WITH
   1.16.2
