GEM
  remote: https://rubygems.org/
  specs:
    addressable (2.5.2)
      public_suffix (>= 2.0.2, < 4.0)
    adsf (1.2.1)
      rack (>= 1.0.0)
    builder (3.2.3)
    colored (1.2)
    concurrent-ruby (1.0.5)
    cri (2.9.1)
      colored (~> 1.2)
    ddplugin (1.0.1)
    execjs (2.7.0)
    hamster (3.0.0)
      concurrent-ruby (~> 1.0)
    nanoc (4.8.7)
      addressable (~> 2.5)
      cri (~> 2.8)
      ddplugin (~> 1.0)
      hamster (~> 3.0)
      ref (~> 2.0)
    public_suffix (3.0.0)
    rack (2.0.3)
    rainpress (1.0.1)
    ref (2.0.0)
    uglifier (3.2.0)
      execjs (>= 0.3.0, < 3)

PLATFORMS
  ruby

DEPENDENCIES
  adsf (~> 1.2, >= 1.2.1)
  builder (~> 3.2, >= 3.2.3)
  nanoc (~> 4.8, >= 4.8.7)
  rainpress (~> 1.0, >= 1.0.1)
  uglifier (~> 3.2)

BUNDLED WITH
   1.15.4
