GEM
  remote: https://rubygems.org/
  specs:
    adsf (1.2.0)
      rack (>= 1.0.0)
    allison (2.0.3)
    builder (3.2.2)
    colored (1.2)
    cri (2.7.0)
      colored (~> 1.2)
    echoe (4.6.6)
      allison (>= 2.0.3)
      rake (>= 0.9.2)
      rdoc (>= 2.5.11)
      rubyforge (>= 2.0.4)
    execjs (2.6.0)
    json (1.8.3)
    json_pure (1.8.3)
    nanoc (4.1.4)
      cri (~> 2.3)
    rack (1.6.4)
    rainpress (1.0)
      echoe
    rake (11.1.0)
    rdoc (4.2.2)
      json (~> 1.4)
    rubyforge (2.0.4)
      json_pure (>= 1.1.7)
    uglifier (2.7.2)
      execjs (>= 0.3.0)
      json (>= 1.8.0)

PLATFORMS
  ruby

DEPENDENCIES
  adsf (~> 1.2)
  builder (~> 3.2, >= 3.2.2)
  nanoc (~> 4.1, >= 4.1.4)
  rainpress (~> 1.0)
  uglifier (~> 2.7, >= 2.7.2)

BUNDLED WITH
   1.11.2
