GEM
  remote: https://rubygems.org/
  specs:
    adsf (1.2.1)
      rack (>= 1.0.0)
    builder (3.2.3)
    colored (1.2)
    concurrent-ruby (1.0.5)
    cri (2.8.0)
      colored (~> 1.2)
    ddplugin (1.0.1)
    execjs (2.7.0)
    hamster (3.0.0)
      concurrent-ruby (~> 1.0)
    json (2.1.0)
    nanoc (4.7.10)
      cri (~> 2.8)
      ddplugin (~> 1.0)
      hamster (~> 3.0)
      ref (~> 2.0)
    rack (2.0.3)
    rainpress (1.0.1)
    ref (2.0.0)
    uglifier (2.7.2)
      execjs (>= 0.3.0)
      json (>= 1.8.0)

PLATFORMS
  ruby

DEPENDENCIES
  adsf (~> 1.2)
  builder (~> 3.2, >= 3.2.2)
  nanoc (~> 4.1, >= 4.1.4)
  rainpress (~> 1.0)
  uglifier (~> 2.7, >= 2.7.2)

BUNDLED WITH
   1.14.4
